GEM
  remote: https://rubygems.org/
  specs:
    actionmailer (4.1.4)
      actionpack (= 4.1.4)
      actionview (= 4.1.4)
      mail (~> 2.5.4)
    actionpack (4.1.4)
      actionview (= 4.1.4)
      activesupport (= 4.1.4)
      rack (~> 1.5.2)
      rack-test (~> 0.6.2)
    actionview (4.1.4)
      activesupport (= 4.1.4)
      builder (~> 3.1)
      erubis (~> 2.7.0)
    active_model_serializers (0.8.1)
      activemodel (>= 3.0)
    activemodel (4.1.4)
      activesupport (= 4.1.4)
      builder (~> 3.1)
    activerecord (4.1.4)
      activemodel (= 4.1.4)
      activesupport (= 4.1.4)
      arel (~> 5.0.0)
    activesupport (4.1.4)
      i18n (~> 0.6, >= 0.6.9)
      json (~> 1.7, >= 1.7.7)
      minitest (~> 5.1)
      thread_safe (~> 0.1)
      tzinfo (~> 1.1)
    animation (0.1.alpha.3)
      compass (>= 0.12.0)
      sass (>= 3.2.0.alpha.95)
    arel (5.0.1.20140414130214)
    barber (0.4.2)
      ember-source
      execjs
      handlebars-source
    barber-emblem (0.1.1)
      barber (>= 0.4.1)
      emblem-source
    bootstrap-sass (3.1.0.2)
      sass (~> 3.2)
    builder (3.2.2)
    chunky_png (1.3.1)
    coffee-rails (4.0.1)
      coffee-script (>= 2.2.0)
      railties (>= 4.0.0, < 5.0)
    coffee-script (2.2.0)
      coffee-script-source
      execjs
    coffee-script-source (1.7.0)
    compass (0.12.6)
      chunky_png (~> 1.2)
      fssm (>= 0.2.7)
      sass (~> 3.2.19)
    compass-flexbox (1.1.3)
      compass
      sass
    compass-rails (1.1.7)
      compass (>= 0.12.2)
      sprockets (<= 2.11.0)
    ember-data-source (1.0.0.beta.8)
      ember-source
    ember-rails (0.15.0)
      active_model_serializers
      barber (>= 0.4.1)
      ember-data-source (>= 1.0.0.beta.5)
      ember-source (>= 1.1.0)
      execjs (>= 1.2)
      handlebars-source (> 1.0.0)
      jquery-rails (>= 1.0.17)
      railties (>= 3.1)
    ember-source (1.7.0.beta.1)
      handlebars-source (~> 1.0)
    ember_script (0.0.5)
      ember_script-source (>= 0.0.2)
      execjs
      tilt
    ember_script-rails (0.0.4)
      ember_script (>= 0.0.4)
      rails
    ember_script-source (0.0.14)
    emblem-rails (0.2.1)
      barber-emblem (~> 0.1.1)
      ember-rails (>= 0.14.0)
    emblem-source (0.3.16)
    erubis (2.7.0)
    execjs (2.2.1)
    font-awesome-rails (4.1.0.0)
      railties (>= 3.2, < 5.0)
    font-awesome-sass (4.1.0)
      sass (~> 3.2)
    foundation-rails (5.3.1.0)
      railties (>= 3.1.0)
      sass (>= 3.2.0)
    fssm (0.2.10)
    haml (4.0.5)
      tilt
    haml-rails (0.5.3)
      actionpack (>= 4.0.1)
      activesupport (>= 4.0.1)
      haml (>= 3.1, < 5.0)
      railties (>= 4.0.1)
    handlebars-source (1.3.0)
    hike (1.2.3)
    i18n (0.6.11)
    jbuilder (2.1.1)
      activesupport (>= 3.0.0, < 5)
      multi_json (~> 1.2)
    jquery-rails (3.1.1)
      railties (>= 3.0, < 5.0)
      thor (>= 0.14, < 2.0)
    jquery-ui-rails (4.0.3)
      jquery-rails
      railties (>= 3.1.0)
    jquery-ui-sass-rails (4.0.3.0)
      jquery-rails
      jquery-ui-rails (= 4.0.3)
      railties (>= 3.1.0)
    json (1.8.1)
    livescript (2.2.0)
      execjs
      livescript-source
    livescript-rails (1.1.0)
      execjs
      livescript
      railties
      tilt
    livescript-source (1.2.0)
    mail (2.5.4)
      mime-types (~> 1.16)
      treetop (~> 1.4.8)
    mime-types (1.25.1)
    minitest (5.4.0)
    modernizr-rails (2.7.1)
    multi_json (1.10.1)
    mysql2 (0.3.16)
    polyglot (0.3.5)
    rack (1.5.2)
    rack-test (0.6.2)
      rack (>= 1.0)
    rails (4.1.4)
      actionmailer (= 4.1.4)
      actionpack (= 4.1.4)
      actionview (= 4.1.4)
      activemodel (= 4.1.4)
      activerecord (= 4.1.4)
      activesupport (= 4.1.4)
      bundler (>= 1.3.0, < 2.0)
      railties (= 4.1.4)
      sprockets-rails (~> 2.0)
    railties (4.1.4)
      actionpack (= 4.1.4)
      activesupport (= 4.1.4)
      rake (>= 0.8.7)
      thor (>= 0.18.1, < 2.0)
    rake (10.3.2)
    rdoc (4.1.1)
      json (~> 1.4)
    sass (3.2.19)
    sass-rails (4.0.3)
      railties (>= 4.0.0, < 5.0)
      sass (~> 3.2.0)
      sprockets (~> 2.8, <= 2.11.0)
      sprockets-rails (~> 2.0)
    sdoc (0.4.0)
      json (~> 1.8)
      rdoc (~> 4.0, < 5.0)
    spring (1.1.3)
    sprockets (2.11.0)
      hike (~> 1.2)
      multi_json (~> 1.0)
      rack (~> 1.0)
      tilt (~> 1.1, != 1.3.0)
    sprockets-rails (2.1.3)
      actionpack (>= 3.0)
      activesupport (>= 3.0)
      sprockets (~> 2.8)
    thor (0.19.1)
    thread_safe (0.3.4)
    tilt (1.4.1)
    treetop (1.4.15)
      polyglot
      polyglot (>= 0.3.1)
    tzinfo (1.2.1)
      thread_safe (~> 0.1)
    underscore-rails (1.6.0)

PLATFORMS
  ruby

DEPENDENCIES
  animation (~> 0.1.alpha.3)
  bootstrap-sass (~> 3.1.0.2)
  coffee-rails (~> 4.0.1)
  compass-flexbox (~> 1.1.3)
  compass-rails (~> 1.1.7)
  ember-rails
  ember-source (~> 1.7.0.beta.1)
  ember_script-rails
  emblem-rails (~> 0.2.1)
  font-awesome-rails (~> 4.1.0.0)
  font-awesome-sass (~> 4.1.0.0)
  foundation-rails (~> 5.3.1.0)
  haml (~> 4.0.0)
  haml-rails (~> 0.4)
  jbuilder (~> 2.0)
  jquery-rails
  jquery-ui-sass-rails
  livescript-rails
  modernizr-rails (~> 2.7.1)
  mysql2
  rails (= 4.1.4)
  sass-rails (~> 4.0.3)
  sdoc (~> 0.4.0)
  spring
  underscore-rails
